PATH
  remote: ../bloc_works
  specs:
    bloc_works (0.1.0)
      erubis (~> 2.7)

GEM
  remote: https://rubygems.org/
  specs:
    erubis (2.7.0)
    power_assert (0.2.2)
    rack (2.0.1)
    rack-test (0.6.3)
      rack (>= 1.0)
    test-unit (3.2.3)
      power_assert

PLATFORMS
  ruby

DEPENDENCIES
  bloc_works!
  rack
  rack-test
  test-unit

BUNDLED WITH
   1.13.7
